GEM
  remote: https://rubygems.org/
  specs:
    backports (3.6.7)
    diff-lcs (1.2.5)
    nmatrix (0.2.0)
      packable (~> 1.3, >= 1.3.5)
    packable (1.3.6)
      backports
    rspec (3.4.0)
      rspec-core (~> 3.4.0)
      rspec-expectations (~> 3.4.0)
      rspec-mocks (~> 3.4.0)
    rspec-core (3.4.1)
      rspec-support (~> 3.4.0)
    rspec-expectations (3.4.0)
      diff-lcs (>= 1.2.0, < 2.0)
      rspec-support (~> 3.4.0)
    rspec-mocks (3.4.1)
      diff-lcs (>= 1.2.0, < 2.0)
      rspec-support (~> 3.4.0)
    rspec-support (3.4.1)

PLATFORMS
  ruby

DEPENDENCIES
  nmatrix
  rspec

BUNDLED WITH
   1.10.6
